GEM
  remote: http://rubygems.org/
  specs:
    addressable (2.2.7)
    backports (2.2.1)
    bcrypt-ruby (2.1.4)
    bson (1.6.0)
    coffee-script (2.2.0)
      coffee-script-source
      execjs
    coffee-script-source (1.2.0)
    data_mapper (1.1.0)
      dm-aggregates (= 1.1.0)
      dm-constraints (= 1.1.0)
      dm-core (= 1.1.0)
      dm-migrations (= 1.1.0)
      dm-serializer (= 1.1.0)
      dm-timestamps (= 1.1.0)
      dm-transactions (= 1.1.0)
      dm-types (= 1.1.0)
      dm-validations (= 1.1.0)
    diff-lcs (1.1.3)
    dm-aggregates (1.1.0)
      dm-core (~> 1.1.0)
    dm-constraints (1.1.0)
      dm-core (~> 1.1.0)
    dm-core (1.1.0)
      addressable (~> 2.2.4)
    dm-migrations (1.1.0)
      dm-core (~> 1.1.0)
    dm-mongo-adapter (0.6.0)
      dm-aggregates (~> 1.1.0)
      dm-core (~> 1.1.0)
      dm-migrations (~> 1.1.0)
      mongo (~> 1.2.4)
    dm-serializer (1.1.0)
      dm-core (~> 1.1.0)
      fastercsv (~> 1.5.4)
      json (~> 1.4.6)
    dm-timestamps (1.1.0)
      dm-core (~> 1.1.0)
    dm-transactions (1.1.0)
      dm-core (~> 1.1.0)
    dm-types (1.1.0)
      bcrypt-ruby (~> 2.1.4)
      dm-core (~> 1.1.0)
      fastercsv (~> 1.5.4)
      json (~> 1.4.6)
      stringex (~> 1.2.0)
      uuidtools (~> 2.1.2)
    dm-validations (1.1.0)
      dm-core (~> 1.1.0)
    execjs (1.3.0)
      multi_json (~> 1.0)
    fastercsv (1.5.4)
    geocoder (1.1.1)
    json (1.4.6)
    mongo (1.2.4)
      bson (>= 1.2.4)
    monkey-lib (0.5.4)
      backports
    multi_json (1.1.0)
    nokogiri (1.5.0)
    rack (1.2.2)
    rspec (2.8.0)
      rspec-core (~> 2.8.0)
      rspec-expectations (~> 2.8.0)
      rspec-mocks (~> 2.8.0)
    rspec-core (2.8.0)
    rspec-expectations (2.8.0)
      diff-lcs (~> 1.1.2)
    rspec-mocks (2.8.0)
    sass (3.1.1)
    sinatra (1.2.6)
      rack (~> 1.1)
      tilt (>= 1.2.2, < 2.0)
    sinatra-advanced-routes (0.5.1)
      monkey-lib (~> 0.5.0)
      sinatra (~> 1.0)
      sinatra-sugar (~> 0.5.0)
    sinatra-reloader (0.5.0)
      sinatra (~> 1.0)
      sinatra-advanced-routes (~> 0.5.0)
    sinatra-sugar (0.5.1)
      monkey-lib (~> 0.5.0)
      sinatra (~> 1.0)
    stringex (1.2.2)
    tilt (1.3)
    uuidtools (2.1.2)

PLATFORMS
  ruby

DEPENDENCIES
  coffee-script
  data_mapper
  dm-mongo-adapter
  geocoder
  nokogiri
  rspec
  sass
  sinatra
  sinatra-reloader
